GIT
  remote: git://github.com/getsentry/raven-ruby.git
  revision: 3b9b2af9da3d80ecfd54ac6377d91e462526bccc
  specs:
    sentry-raven (0.15.3)
      faraday (>= 0.7.6)

GIT
  remote: git://github.com/rkh/coder.git
  revision: 44b0cf89b98caecc654dd1a724a448e17ef7aa6c
  specs:
    coder (0.4.0)

GIT
  remote: git://github.com/travis-ci/travis-amqp.git
  revision: 4eaadb995e44bf41d252b5e903b86e0e3950f3ae
  specs:
    travis-amqp (0.0.1)

GIT
  remote: git://github.com/travis-ci/travis-lock.git
  revision: 8aadc4cd7a1c8d89788dfc096507ee96a71fceb6
  specs:
    travis-lock (0.1.0)

GIT
  remote: git://github.com/travis-ci/travis-support.git
  revision: 2cd02d2a06fdd1e2fc2f129148c168b56f7c190f
  specs:
    travis-support (0.0.1)

GEM
  remote: https://rubygems.org/
  specs:
    activesupport (3.2.22)
      i18n (~> 0.6, >= 0.6.4)
      multi_json (~> 1.0)
    amq-protocol (2.0.1)
    ast (2.2.0)
    astrolabe (1.3.1)
      parser (~> 2.2)
    atomic (1.1.99)
    atomic (1.1.99-java)
    avl_tree (1.2.1)
      atomic (~> 1.1)
    aws-sdk-v1 (1.66.0)
      json (~> 1.4)
      nokogiri (>= 1.4.4)
    bouncy-castle-java (1.5.0147)
    bunny (2.2.2)
      amq-protocol (>= 2.0.1)
    coderay (1.1.0)
    concurrent-ruby (1.0.0)
    concurrent-ruby (1.0.0-java)
    connection_pool (2.2.0)
    diff-lcs (1.2.5)
    docile (1.1.5)
    faraday (0.8.11)
      multipart-post (~> 1.2.0)
    ffi (1.9.10-java)
    hashr (2.0.0)
    hitimes (1.2.3)
    hitimes (1.2.3-java)
    httpclient (2.7.1)
    i18n (0.7.0)
    jdbc-postgres (9.3.1101)
    jruby-openssl (0.8.10)
      bouncy-castle-java (>= 1.5.0147)
    json (1.8.3)
    json (1.8.3-java)
    march_hare (2.16.0-java)
    method_source (0.8.2)
    metriks (0.9.9.7)
      atomic (~> 1.0)
      avl_tree (~> 1.2.0)
      hitimes (~> 1.1)
    metriks-librato_metrics (1.0.5)
      metriks (>= 0.9.9.6)
    mini_portile2 (2.0.0)
    multi_json (1.11.2)
    multipart-post (1.2.0)
    nokogiri (1.6.7.1)
      mini_portile2 (~> 2.0.0.rc2)
    nokogiri (1.6.7.1-java)
    parser (2.3.0.0)
      ast (~> 2.2)
    pg (0.18.4)
    powerpack (0.1.1)
    pry (0.10.3)
      coderay (~> 1.1.0)
      method_source (~> 0.8.1)
      slop (~> 3.4)
    pry (0.10.3-java)
      coderay (~> 1.1.0)
      method_source (~> 0.8.1)
      slop (~> 3.4)
      spoon (~> 0.0)
    puma (2.15.3)
    puma (2.15.3-java)
    pusher (0.14.6)
      httpclient (~> 2.5)
      multi_json (~> 1.0)
      pusher-signature (~> 0.1.8)
    pusher-signature (0.1.8)
    rack (1.6.4)
    rack-protection (1.5.3)
      rack
    rack-ssl (1.4.1)
      rack
    rack-test (0.6.3)
      rack (>= 1.0)
    rails_12factor (0.0.3)
      rails_serve_static_assets
      rails_stdout_logging
    rails_serve_static_assets (0.0.4)
    rails_stdout_logging (0.0.4)
    rainbow (2.0.0)
    rake (10.5.0)
    redis (3.2.2)
    rspec (2.14.1)
      rspec-core (~> 2.14.0)
      rspec-expectations (~> 2.14.0)
      rspec-mocks (~> 2.14.0)
    rspec-core (2.14.8)
    rspec-expectations (2.14.5)
      diff-lcs (>= 1.1.3, < 2.0)
    rspec-mocks (2.14.6)
    rubocop (0.35.1)
      astrolabe (~> 1.3)
      parser (>= 2.2.3.0, < 3.0)
      powerpack (~> 0.1)
      rainbow (>= 1.99.1, < 3.0)
      ruby-progressbar (~> 1.7)
      tins (<= 1.6.0)
    ruby-progressbar (1.7.5)
    sequel (4.0.0)
    sidekiq (4.0.2)
      concurrent-ruby (~> 1.0)
      connection_pool (~> 2.2, >= 2.2.0)
      redis (~> 3.2, >= 3.2.1)
    sidekiq-unique-jobs (4.0.13)
      sidekiq (>= 2.6)
      thor
    simplecov (0.11.1)
      docile (~> 1.1.0)
      json (~> 1.8)
      simplecov-html (~> 0.10.0)
    simplecov-html (0.10.0)
    sinatra (1.4.6)
      rack (~> 1.4)
      rack-protection (~> 1.4)
      tilt (>= 1.3, < 3)
    slop (3.6.0)
    spoon (0.0.4)
      ffi
    thor (0.19.1)
    tilt (2.0.2)
    tins (1.6.0)
    travis-config (1.0.4)
      hashr (~> 2.0.0)

PLATFORMS
  java
  ruby

DEPENDENCIES
  activesupport (~> 3.2)
  aws-sdk-v1
  bunny
  coder!
  connection_pool
  faraday
  jdbc-postgres (= 9.3.1101)
  jruby-openssl (~> 0.8.8)
  json
  march_hare (~> 2)
  metriks
  metriks-librato_metrics
  pg
  pry
  puma
  pusher (~> 0.14.5)
  rack-ssl
  rack-test
  rails_12factor
  rake
  rspec
  rubocop
  sentry-raven!
  sequel
  sidekiq
  sidekiq-unique-jobs (~> 4)
  simplecov
  sinatra (~> 1.4)
  travis-amqp!
  travis-config (~> 1.0.4)
  travis-lock!
  travis-support!

BUNDLED WITH
   1.11.2
