GIT
  remote: git://github.com/getsentry/raven-ruby.git
  revision: d6b40142bd667487e84a7738b2cd2b73b918b8d4
  specs:
    sentry-raven (0.6.0)
      faraday (>= 0.7.6)
      hashie (>= 1.1.0)
      uuidtools

GIT
  remote: git://github.com/rkh/coder.git
  revision: 44b0cf89b98caecc654dd1a724a448e17ef7aa6c
  specs:
    coder (0.4.0)

GIT
  remote: git://github.com/travis-ci/travis-support.git
  revision: fffb09b3e6967cdb6c33f04ac7f7840a8df77400
  specs:
    travis-support (0.0.1)

GEM
  remote: https://rubygems.org/
  specs:
    activesupport (4.0.0)
      i18n (~> 0.6, >= 0.6.4)
      minitest (~> 4.2)
      multi_json (~> 1.3)
      thread_safe (~> 0.1)
      tzinfo (~> 0.3.37)
    atomic (1.1.14-java)
    avl_tree (1.1.3)
    aws-sdk (1.20.0)
      json (~> 1.4)
      nokogiri (>= 1.4.4, < 1.6.0)
      uuidtools (~> 2.1)
    bouncy-castle-java (1.5.0147)
    celluloid (0.15.2)
      timers (~> 1.1.0)
    connection_pool (1.1.0)
    diff-lcs (1.2.4)
    faraday (0.8.8)
      multipart-post (~> 1.2.0)
    hashie (2.0.5)
    hashr (0.0.22)
    hitimes (1.2.1-java)
    i18n (0.6.5)
    jdbc-postgres (9.2.1002.1)
    jruby-openssl (0.8.10)
      bouncy-castle-java (>= 1.5.0147)
    json (1.8.0-java)
    march_hare (2.0.0.rc2-java)
    metriks (0.9.9.5)
      atomic (~> 1.0)
      avl_tree (~> 1.1.2)
      hitimes (~> 1.1)
    minitest (4.7.5)
    multi_json (1.8.1)
    multipart-post (1.2.0)
    nokogiri (1.5.10-java)
    pusher (0.11.3)
      multi_json (~> 1.0)
      signature (~> 0.1.6)
    rake (10.1.0)
    redis (3.0.5)
    redis-namespace (1.3.1)
      redis (~> 3.0.0)
    rspec (2.14.1)
      rspec-core (~> 2.14.0)
      rspec-expectations (~> 2.14.0)
      rspec-mocks (~> 2.14.0)
    rspec-core (2.14.5)
    rspec-expectations (2.14.3)
      diff-lcs (>= 1.1.3, < 2.0)
    rspec-mocks (2.14.3)
    sequel (4.0.0)
    sidekiq (2.15.1)
      celluloid (>= 0.15.1)
      connection_pool (>= 1.0.0)
      json
      redis (>= 3.0.4)
      redis-namespace (>= 1.3.1)
    signature (0.1.7)
    thread_safe (0.1.3-java)
      atomic
    timers (1.1.0)
    tzinfo (0.3.37)
    uuidtools (2.1.4)

PLATFORMS
  java

DEPENDENCIES
  activesupport
  aws-sdk
  coder!
  faraday (~> 0.8.8)
  hashr
  jdbc-postgres (~> 9.2.1002.1)
  jruby-openssl (~> 0.8.8)
  json (~> 1.8.0)
  march_hare (~> 2.0.0.rc1)
  metriks (~> 0.9.9.4)
  pusher (~> 0.11.3)
  rake
  rspec (~> 2.14.1)
  sentry-raven!
  sequel (~> 4.0.0)
  sidekiq
  travis-support!
