GIT
  remote: git://github.com/getsentry/raven-ruby.git
  revision: f597e0aef308d51517d519173ced65a87180d849
  specs:
    sentry-raven (0.6.0)
      faraday (>= 0.7.6)
      hashie (>= 1.1.0)
      uuidtools

GIT
  remote: git://github.com/rkh/coder.git
  revision: 44b0cf89b98caecc654dd1a724a448e17ef7aa6c
  specs:
    coder (0.4.0)

GIT
  remote: git://github.com/travis-ci/travis-support.git
  revision: 7c69fe727968b31551ce3acbe0d4f2e0e5bc8fa3
  specs:
    travis-support (0.0.1)

GEM
  remote: https://rubygems.org/
  specs:
    activesupport (4.0.0)
      i18n (~> 0.6, >= 0.6.4)
      minitest (~> 4.2)
      multi_json (~> 1.3)
      thread_safe (~> 0.1)
      tzinfo (~> 0.3.37)
    addressable (2.3.5)
    atomic (1.1.14-java)
    avl_tree (1.1.3)
    aws-sdk (1.18.0)
      json (~> 1.4)
      nokogiri (< 1.6.0)
      uuidtools (~> 2.1)
    bouncy-castle-java (1.5.0147)
    celluloid (0.15.1)
      timers (~> 1.1.0)
    coderay (1.0.9)
    connection_pool (1.1.0)
    crack (0.4.1)
      safe_yaml (~> 0.9.0)
    dalli (2.6.4)
    database_cleaner (0.7.2)
    diff-lcs (1.2.4)
    faraday (0.8.8)
      multipart-post (~> 1.2.0)
    ffi (1.9.0-java)
    formatador (0.2.4)
    guard (1.8.2)
      formatador (>= 0.2.4)
      listen (>= 1.0.0)
      lumberjack (>= 1.0.2)
      pry (>= 0.9.10)
      thor (>= 0.14.6)
    guard-rspec (1.2.1)
      guard (>= 1.1)
    hashie (2.0.5)
    hashr (0.0.22)
    hitimes (1.2.1-java)
    i18n (0.6.5)
    jdbc-postgres (9.2.1002.1)
    jruby-openssl (0.8.8)
      bouncy-castle-java (>= 1.5.0147)
    json (1.8.0-java)
    listen (1.3.1)
      rb-fsevent (>= 0.9.3)
      rb-inotify (>= 0.9)
      rb-kqueue (>= 0.2)
    lumberjack (1.0.4)
    march_hare (2.0.0.rc2-java)
    metaclass (0.0.1)
    method_source (0.8.2)
    metriks (0.9.9.5)
      atomic (~> 1.0)
      avl_tree (~> 1.1.2)
      hitimes (~> 1.1)
    minitest (4.7.5)
    mocha (0.10.5)
      metaclass (~> 0.0.1)
    multi_json (1.8.0)
    multipart-post (1.2.0)
    newrelic_rpm (3.3.5)
    nokogiri (1.5.10-java)
    pry (0.9.12.2-java)
      coderay (~> 1.0.5)
      method_source (~> 0.8)
      slop (~> 3.4)
      spoon (~> 0.0)
    pusher (0.11.3)
      multi_json (~> 1.0)
      signature (~> 0.1.6)
    rake (10.1.0)
    rb-fsevent (0.9.3)
    rb-inotify (0.9.2)
      ffi (>= 0.5.0)
    rb-kqueue (0.2.0)
      ffi (>= 0.5.0)
    redis (3.0.4)
    redis-namespace (1.3.1)
      redis (~> 3.0.0)
    rspec (2.14.1)
      rspec-core (~> 2.14.0)
      rspec-expectations (~> 2.14.0)
      rspec-mocks (~> 2.14.0)
    rspec-core (2.14.5)
    rspec-expectations (2.14.3)
      diff-lcs (>= 1.1.3, < 2.0)
    rspec-mocks (2.14.3)
    safe_yaml (0.9.5)
    sequel (4.0.0)
    sidekiq (2.14.1)
      celluloid (>= 0.14.1)
      connection_pool (>= 1.0.0)
      json
      redis (>= 3.0.4)
      redis-namespace (>= 1.3.1)
    signature (0.1.7)
    slop (3.4.6)
    spoon (0.0.4)
      ffi
    thor (0.18.1)
    thread_safe (0.1.3-java)
      atomic
    timers (1.1.0)
    tzinfo (0.3.37)
    uuidtools (2.1.4)
    webmock (1.8.11)
      addressable (>= 2.2.7)
      crack (>= 0.1.7)

PLATFORMS
  java

DEPENDENCIES
  activesupport
  aws-sdk
  coder!
  dalli
  database_cleaner (~> 0.7.1)
  guard
  guard-rspec
  hashr
  jdbc-postgres (~> 9.2.1002.1)
  jruby-openssl (~> 0.8.8)
  json (~> 1.8.0)
  march_hare (~> 2.0.0.rc1)
  metriks (~> 0.9.9.4)
  mocha (~> 0.10.0)
  newrelic_rpm (~> 3.3.2)
  pusher (~> 0.11.3)
  rake
  rspec (~> 2.14.1)
  sentry-raven!
  sequel (~> 4.0.0)
  sidekiq
  signature (~> 0.1.6)
  travis-support!
  webmock (~> 1.8.0)
